GEM
  remote: https://rubygems.org/
  specs:
    axiom-types (0.1.1)
      descendants_tracker (~> 0.0.4)
      ice_nine (~> 0.11.0)
      thread_safe (~> 0.3, >= 0.3.1)
    coercible (1.0.0)
      descendants_tracker (~> 0.0.1)
    concurrent-ruby (1.1.10)
    descendants_tracker (0.0.4)
      thread_safe (~> 0.3, >= 0.3.1)
    et-orbi (1.2.7)
      tzinfo
    excon (0.96.0)
    fugit (1.8.0)
      et-orbi (~> 1, >= 1.2.7)
      raabro (~> 1.4)
    ice_nine (0.11.2)
    raabro (1.4.0)
    require_all (3.0.0)
    rufus-scheduler (3.8.2)
      fugit (~> 1.1, >= 1.1.6)
    telegram_bot (0.0.8)
      excon (>= 0.30.0)
      virtus (>= 1.0.0)
    thread_safe (0.3.6)
    tzinfo (2.0.5)
      concurrent-ruby (~> 1.0)
    virtus (2.0.0)
      axiom-types (~> 0.1)
      coercible (~> 1.0)
      descendants_tracker (~> 0.0, >= 0.0.3)

PLATFORMS
  universal-darwin-21
  x86_64-linux

DEPENDENCIES
  require_all (~> 3.0)
  rufus-scheduler
  telegram_bot

BUNDLED WITH
   2.3.22
